PATH
  remote: .
  specs:
    fastout (0.0.1)

GEM
  remote: http://rubygems.org/
  specs:
    autotest (4.4.5)
    autotest-fsevent (0.2.3)
      sys-uname
    autotest-growl (0.2.6)
    diff-lcs (1.1.2)
    fastercsv (1.5.3)
    redgreen (1.2.2)
    rr (1.0.2)
    rspec (2.1.0)
      rspec-core (~> 2.1.0)
      rspec-expectations (~> 2.1.0)
      rspec-mocks (~> 2.1.0)
    rspec-core (2.1.0)
    rspec-expectations (2.1.0)
      diff-lcs (~> 1.1.2)
    rspec-mocks (2.1.0)
    sys-uname (0.8.4)

PLATFORMS
  ruby

DEPENDENCIES
  autotest
  autotest-fsevent
  autotest-growl
  fastercsv
  fastout!
  redgreen
  rr
  rspec (~> 2.0)
